GEM
  remote: https://rubygems.org/
  specs:
    nokogiri (1.6.7-java)

PLATFORMS
  java

DEPENDENCIES
  nokogiri

BUNDLED WITH
   1.11.2
